GEM
  remote: http://rubygems.org/
  specs:
    curb (0.8.1)
    httpclient (2.2.5)
    httpi (1.1.1)
      rack
    multi_json (1.3.6)
    rack (1.4.1)
    simplecov (0.6.4)
      multi_json (~> 1.0)
      simplecov-html (~> 0.5.3)
    simplecov-html (0.5.3)
    timfel-krb5-auth (0.8)

PLATFORMS
  ruby

DEPENDENCIES
  curb
  httpclient
  httpi
  simplecov
  timfel-krb5-auth
